GEM
  remote: https://rubygems.org/
  specs:
    concurrent-ruby (1.1.7)
    dry-cli (0.6.0)
      concurrent-ruby (~> 1.0)

PLATFORMS
  ruby

DEPENDENCIES
  dry-cli (~> 0.6)

RUBY VERSION
   ruby 2.7.2p137

BUNDLED WITH
   2.1.4
